GEM
  remote: https://rubygems.org/
  specs:
    awesome_print (1.2.0)
    faraday (0.9.0)
      multipart-post (>= 1.2, < 3)
    httparty (0.11.0)
      multi_json (~> 1.0)
      multi_xml (>= 0.5.2)
    jawbone (0.4)
      httparty (~> 0.11.0)
    jwt (0.1.11)
      multi_json (>= 1.5)
    multi_json (1.9.2)
    multi_xml (0.5.5)
    multipart-post (2.0.0)
    oauth2 (0.9.3)
      faraday (>= 0.8, < 0.10)
      jwt (~> 0.1.8)
      multi_json (~> 1.3)
      multi_xml (~> 0.5)
      rack (~> 1.2)
    rack (1.5.2)
    rack-protection (1.5.2)
      rack
    sinatra (1.4.4)
      rack (~> 1.4)
      rack-protection (~> 1.4)
      tilt (~> 1.3, >= 1.3.4)
    tilt (1.4.1)

PLATFORMS
  ruby

DEPENDENCIES
  awesome_print
  jawbone
  oauth2
  sinatra
